GEM
  remote: https://rubygems.org/
  specs:
    abstract_type (0.0.7)
    call_sheet (0.4.0)
      kleisli
      wisper (>= 1.6.0)
    charlatan (0.1.0)
    coderay (1.1.1)
    dry-configurable (0.1.3)
      thread_safe
    dry-container (0.2.8)
      dry-configurable (~> 0.1, >= 0.1.3)
      thread_safe
    dry-data (0.5.1)
      dry-configurable (~> 0.1)
      dry-container (~> 0.2)
      dry-equalizer (~> 0.2)
      dry-logic (~> 0.1)
      inflecto (~> 0.0.0, >= 0.0.2)
      kleisli (~> 0.2)
      thread_safe (~> 0.3)
    dry-equalizer (0.2.0)
    dry-logic (0.1.4)
      dry-container (~> 0.2, >= 0.2.6)
      dry-equalizer (~> 0.2)
    dry-validation (0.6.0)
      dry-configurable (~> 0.1, >= 0.1.3)
      dry-container (~> 0.2, >= 0.2.8)
      dry-data (~> 0.5, >= 0.5.0)
      dry-equalizer (~> 0.2)
      dry-logic (~> 0.1, >= 0.1.2)
    inflecto (0.0.2)
    kleisli (0.2.7)
    method_source (0.8.2)
    procto (0.0.3)
    pry (0.10.3)
      coderay (~> 1.1.0)
      method_source (~> 0.8.1)
      slop (~> 3.4)
    rom-mapper (0.3.0)
      dry-equalizer (~> 0.2)
      rom-support (~> 1.0.0)
      transproc (~> 0.4.0)
    rom-support (1.0.0)
      dry-equalizer (~> 0.2)
      transproc (~> 0.4.0)
      wisper (~> 1.6, >= 1.6.0)
    slop (3.6.0)
    thread_safe (0.3.5)
    transproc (0.4.0)
    wisper (1.6.1)

PLATFORMS
  ruby

DEPENDENCIES
  abstract_type (~> 0.0.7)
  call_sheet (~> 0.4.0)
  charlatan
  dry-container
  dry-data (~> 0.5.1)
  dry-validation
  kleisli
  procto (~> 0.0.3)
  pry
  rom-mapper (~> 0.3.0)
  transproc

BUNDLED WITH
   1.11.2
